PATH
  remote: .
  specs:
    node_comp (0.1.0)
      node_impl (~> 4)
      node_int (~> 3)

GEM
  remote: https://rubygems.org/
  specs:
    docile (1.3.2)
    minitest (5.14.1)
    node_impl (4.0.0)
    node_int (3.0.0)
    rake (13.0.1)
    simplecov (0.18.5)
      docile (~> 1.1)
      simplecov-html (~> 0.11)
    simplecov-html (0.12.2)

PLATFORMS
  ruby

DEPENDENCIES
  bundler (~> 2.1)
  minitest (~> 5.0)
  node_comp!
  rake (~> 13.0)
  simplecov (~> 0)

BUNDLED WITH
   2.1.2
